GEM
  remote: https://rubygems.org/
  specs:
    actioncable (7.2.2.1)
      actionpack (= 7.2.2.1)
      activesupport (= 7.2.2.1)
      nio4r (~> 2.0)
      websocket-driver (>= 0.6.1)
      zeitwerk (~> 2.6)
    actionmailbox (7.2.2.1)
      actionpack (= 7.2.2.1)
      activejob (= 7.2.2.1)
      activerecord (= 7.2.2.1)
      activestorage (= 7.2.2.1)
      activesupport (= 7.2.2.1)
      mail (>= 2.8.0)
    actionmailer (7.2.2.1)
      actionpack (= 7.2.2.1)
      actionview (= 7.2.2.1)
      activejob (= 7.2.2.1)
      activesupport (= 7.2.2.1)
      mail (>= 2.8.0)
      rails-dom-testing (~> 2.2)
    actionpack (7.2.2.1)
      actionview (= 7.2.2.1)
      activesupport (= 7.2.2.1)
      nokogiri (>= 1.8.5)
      racc
      rack (>= 2.2.4, < 3.2)
      rack-session (>= 1.0.1)
      rack-test (>= 0.6.3)
      rails-dom-testing (~> 2.2)
      rails-html-sanitizer (~> 1.6)
      useragent (~> 0.16)
    actiontext (7.2.2.1)
      actionpack (= 7.2.2.1)
      activerecord (= 7.2.2.1)
      activestorage (= 7.2.2.1)
      activesupport (= 7.2.2.1)
      globalid (>= 0.6.0)
      nokogiri (>= 1.8.5)
    actionview (7.2.2.1)
      activesupport (= 7.2.2.1)
      builder (~> 3.1)
      erubi (~> 1.11)
      rails-dom-testing (~> 2.2)
      rails-html-sanitizer (~> 1.6)
    activejob (7.2.2.1)
      activesupport (= 7.2.2.1)
      globalid (>= 0.3.6)
    activemodel (7.2.2.1)
      activesupport (= 7.2.2.1)
    activerecord (7.2.2.1)
      activemodel (= 7.2.2.1)
      activesupport (= 7.2.2.1)
      timeout (>= 0.4.0)
    activestorage (7.2.2.1)
      actionpack (= 7.2.2.1)
      activejob (= 7.2.2.1)
      activerecord (= 7.2.2.1)
      activesupport (= 7.2.2.1)
      marcel (~> 1.0)
    activesupport (7.2.2.1)
      base64
      benchmark (>= 0.3)
      bigdecimal
      concurrent-ruby (~> 1.0, >= 1.3.1)
      connection_pool (>= 2.2.5)
      drb
      i18n (>= 1.6, < 2)
      logger (>= 1.4.2)
      minitest (>= 5.1)
      securerandom (>= 0.3)
      tzinfo (~> 2.0, >= 2.0.5)
    addressable (2.8.7)
      public_suffix (>= 2.0.2, < 7.0)
    annotate (3.2.0)
      activerecord (>= 3.2, < 8.0)
      rake (>= 10.4, < 14.0)
    autoprefixer-rails (10.4.19.0)
      execjs (~> 2)
    base64 (0.2.0)
    benchmark (0.4.0)
    bigdecimal (3.1.9)
    bindex (0.8.1)
    bootsnap (1.18.4)
      msgpack (~> 1.2)
    bootstrap (5.3.3)
      autoprefixer-rails (>= 9.1.0)
      popper_js (>= 2.11.8, < 3)
    bootstrap-icons (1.0.14)
      nokogiri (~> 1)
    bootstrap-icons-helper (2.0.2)
      bootstrap-icons (~> 1)
      rails (>= 7.0)
    breadcrumbs_on_rails (4.1.0)
      railties (>= 5.0)
    builder (3.3.0)
    byebug (11.1.3)
    capybara (3.40.0)
      addressable
      matrix
      mini_mime (>= 0.1.3)
      nokogiri (~> 1.11)
      rack (>= 1.6.0)
      rack-test (>= 0.6.3)
      regexp_parser (>= 1.5, < 3.0)
      xpath (~> 3.2)
    commonmarker (0.21.2)
      ruby-enum (~> 0.5)
    concurrent-ruby (1.3.4)
    connection_pool (2.4.1)
    crass (1.0.6)
    curation (2.0.2)
      htmlentities
      metainspector
      nokogiri
      rails-html-sanitizer
    date (3.4.1)
    debug (1.10.0)
      irb (~> 1.10)
      reline (>= 0.3.8)
    domain_name (0.6.20240107)
    drb (2.2.1)
    editor_js (0.4.0)
      actionview (>= 4)
      activesupport (>= 4)
      commonmarker (~> 0.21.2)
      htmlentities (~> 4.3, >= 4.3.4)
      json-schema (~> 2)
      rouge (~> 3.26)
      sanitize (~> 6.0.0)
    erubi (1.13.1)
    event_stream_parser (1.0.0)
    execjs (2.10.0)
    faraday (2.12.2)
      faraday-net_http (>= 2.0, < 3.5)
      json
      logger
    faraday-cookie_jar (0.0.7)
      faraday (>= 0.8.0)
      http-cookie (~> 1.0.0)
    faraday-encoding (0.0.6)
      faraday
    faraday-follow_redirects (0.3.0)
      faraday (>= 1, < 3)
    faraday-gzip (1.0.0)
      faraday (>= 1.0)
      zlib (~> 2.1)
    faraday-http-cache (2.5.1)
      faraday (>= 0.8)
    faraday-multipart (1.1.0)
      multipart-post (~> 2.0)
    faraday-net_http (3.4.0)
      net-http (>= 0.5.0)
    faraday-retry (2.2.1)
      faraday (~> 2.0)
    fastimage (2.3.1)
    ffi (1.17.0)
    figaro (1.2.0)
      thor (>= 0.14.0, < 2)
    globalid (1.2.1)
      activesupport (>= 6.1)
    htmlentities (4.3.4)
    http-cookie (1.0.8)
      domain_name (~> 0.5)
    i18n (1.14.6)
      concurrent-ruby (~> 1.0)
    io-console (0.8.0)
    irb (1.14.3)
      rdoc (>= 4.0.0)
      reline (>= 0.4.2)
    json (2.9.1)
    json-schema (2.8.1)
      addressable (>= 2.4)
    logger (1.6.4)
    loofah (2.23.1)
      crass (~> 1.0.2)
      nokogiri (>= 1.12.0)
    mail (2.8.1)
      mini_mime (>= 0.1.1)
      net-imap
      net-pop
      net-smtp
    marcel (1.0.4)
    matrix (0.4.2)
    metainspector (5.15.0)
      addressable (~> 2.8.4)
      faraday (~> 2.5)
      faraday-cookie_jar (~> 0.0)
      faraday-encoding (~> 0.0)
      faraday-follow_redirects (~> 0.3)
      faraday-gzip (>= 0.1, < 2.0)
      faraday-http-cache (~> 2.5)
      faraday-retry (~> 2.0)
      fastimage (~> 2.2)
      nesty (~> 1.0)
      nokogiri (~> 1.13)
    mini_mime (1.1.5)
    minitest (5.25.4)
    msgpack (1.7.5)
    multipart-post (2.4.1)
    nesty (1.0.2)
    net-http (0.6.0)
      uri
    net-imap (0.5.4)
      date
      net-protocol
    net-pop (0.1.2)
      net-protocol
    net-protocol (0.2.2)
      timeout
    net-smtp (0.5.0)
    nio4r (2.7.4)
    nokogiri (1.18.0-arm64-darwin)
      racc (~> 1.4)
    nokogiri (1.18.0-x86_64-darwin)
      racc (~> 1.4)
    nokogiri (1.18.0-x86_64-linux-gnu)
      racc (~> 1.4)
    pg (1.5.9)
    popper_js (2.11.8)
    psych (5.2.2)
      date
      stringio
    public_suffix (6.0.1)
    puma (6.5.0)
      nio4r (~> 2.0)
    racc (1.8.1)
    rack (3.1.8)
    rack-session (2.0.0)
      rack (>= 3.0.0)
    rack-test (2.2.0)
      rack (>= 1.3)
    rackup (2.2.1)
      rack (>= 3)
    rails (7.2.2.1)
      actioncable (= 7.2.2.1)
      actionmailbox (= 7.2.2.1)
      actionmailer (= 7.2.2.1)
      actionpack (= 7.2.2.1)
      actiontext (= 7.2.2.1)
      actionview (= 7.2.2.1)
      activejob (= 7.2.2.1)
      activemodel (= 7.2.2.1)
      activerecord (= 7.2.2.1)
      activestorage (= 7.2.2.1)
      activesupport (= 7.2.2.1)
      bundler (>= 1.15.0)
      railties (= 7.2.2.1)
    rails-dom-testing (2.2.0)
      activesupport (>= 5.0.0)
      minitest
      nokogiri (>= 1.6)
    rails-html-sanitizer (1.6.2)
      loofah (~> 2.21)
      nokogiri (>= 1.15.7, != 1.16.7, != 1.16.6, != 1.16.5, != 1.16.4, != 1.16.3, != 1.16.2, != 1.16.1, != 1.16.0.rc1, != 1.16.0)
    rails-i18n (7.0.10)
      i18n (>= 0.7, < 2)
      railties (>= 6.0.0, < 8)
    railties (7.2.2.1)
      actionpack (= 7.2.2.1)
      activesupport (= 7.2.2.1)
      irb (~> 1.13)
      rackup (>= 1.0.0)
      rake (>= 12.2)
      thor (~> 1.0, >= 1.2.2)
      zeitwerk (~> 2.6)
    rake (13.2.1)
    rdoc (6.10.0)
      psych (>= 4.0.0)
    regexp_parser (2.10.0)
    reline (0.6.0)
      io-console (~> 0.5)
    rexml (3.4.0)
    rouge (3.30.0)
    ruby-enum (0.9.0)
      i18n
    ruby-openai (7.3.1)
      event_stream_parser (>= 0.3.0, < 2.0.0)
      faraday (>= 1)
      faraday-multipart (>= 1)
    rubyzip (2.3.2)
    sanitize (6.0.2)
      crass (~> 1.0.2)
      nokogiri (>= 1.12.0)
    sassc (2.4.0)
      ffi (~> 1.9)
    sassc-rails (2.1.2)
      railties (>= 4.0.0)
      sassc (>= 2.0)
      sprockets (> 3.0)
      sprockets-rails
      tilt
    securerandom (0.4.1)
    selenium-webdriver (4.27.0)
      base64 (~> 0.2)
      logger (~> 1.4)
      rexml (~> 3.2, >= 3.2.5)
      rubyzip (>= 1.2.2, < 3.0)
      websocket (~> 1.0)
    simple_form (5.3.1)
      actionpack (>= 5.2)
      activemodel (>= 5.2)
    sprockets (4.2.1)
      concurrent-ruby (~> 1.0)
      rack (>= 2.2.4, < 4)
    sprockets-rails (3.5.2)
      actionpack (>= 6.1)
      activesupport (>= 6.1)
      sprockets (>= 3.0.0)
    stringio (3.1.2)
    thor (1.3.2)
    tilt (2.5.0)
    timeout (0.4.3)
    tzinfo (2.0.6)
      concurrent-ruby (~> 1.0)
    uri (1.0.2)
    useragent (0.16.11)
    web-console (4.2.1)
      actionview (>= 6.0.0)
      activemodel (>= 6.0.0)
      bindex (>= 0.4.0)
      railties (>= 6.0.0)
    websocket (1.2.11)
    websocket-driver (0.7.6)
      websocket-extensions (>= 0.1.0)
    websocket-extensions (0.1.5)
    xpath (3.2.0)
      nokogiri (~> 1.8)
    zeitwerk (2.7.1)
    zlib (2.1.1)

PLATFORMS
  arm64-darwin-24
  x86_64-darwin-22
  x86_64-darwin-23
  x86_64-linux

DEPENDENCIES
  annotate
  bootsnap
  bootstrap
  bootstrap-icons-helper
  breadcrumbs_on_rails
  byebug
  capybara
  curation
  debug
  editor_js
  figaro
  pg
  puma
  rails (~> 7.0)
  rails-i18n
  ruby-openai
  sassc-rails
  selenium-webdriver
  simple_form
  sprockets-rails
  tzinfo-data
  web-console

RUBY VERSION
   ruby 3.4.1p0

BUNDLED WITH
   2.6.2
